GEM
  remote: https://rubygems.org/
  specs:
    puma (3.12.0)
    rack (2.2.6.4)

PLATFORMS
  ruby

DEPENDENCIES
  puma
  rack

BUNDLED WITH
   1.16.4
